PATH
  remote: .
  specs:
    ocean-door (0.0.1)
      digest-crc (~> 0.4.0)
      rubyserial

GEM
  remote: http://rubygems.org/
  specs:
    byebug (9.0.6)
    digest-crc (0.4.1)
    ffi (1.9.14)
    rubyserial (0.4.0)
      ffi (~> 1.9, >= 1.9.3)

PLATFORMS
  ruby

DEPENDENCIES
  bundler (~> 1.3)
  byebug (~> 9.0)
  ocean-door!

BUNDLED WITH
   1.10.5
